GEM
  remote: https://rubygems.org/
  specs:
    haml (4.0.5)
      tilt
    i18n (0.6.9)
    kgio (2.9.2)
    rack (1.5.2)
    rack-protection (1.5.2)
      rack
    raindrops (0.13.0)
    sass (3.3.2)
    sinatra (1.4.4)
      rack (~> 1.4)
      rack-protection (~> 1.4)
      tilt (~> 1.3, >= 1.3.4)
    tilt (1.4.1)
    unicorn (4.8.2)
      kgio (~> 2.6)
      rack
      raindrops (~> 0.7)

PLATFORMS
  ruby

DEPENDENCIES
  haml
  i18n
  sass
  sinatra
  unicorn
